GEM
  remote: https://rubygems.org/
  specs:
    attr_extras (5.2.0)
    byebug (10.0.2)
    coderay (1.1.2)
    little-plugger (1.1.4)
    logging (2.2.2)
      little-plugger (~> 1.1)
      multi_json (~> 1.10)
    method_source (0.9.2)
    multi_json (1.13.1)
    pg (1.1.3)
    pry (0.12.2)
      coderay (~> 1.1.0)
      method_source (~> 0.9.0)
    pry-byebug (3.6.0)
      byebug (~> 10.0)
      pry (~> 0.10)
    require_all (2.0.0)
    slop (4.6.2)

PLATFORMS
  ruby

DEPENDENCIES
  attr_extras
  logging
  pg
  pry-byebug
  require_all
  slop

BUNDLED WITH
   1.17.3
