GEM
  remote: https://rubygems.org/
  specs:
    activesupport (7.0.4.1)
      concurrent-ruby (~> 1.0, >= 1.0.2)
      i18n (>= 1.6, < 2)
      minitest (>= 5.1)
      tzinfo (~> 2.0)
    attr_extras (5.2.0)
    byebug (10.0.2)
    coderay (1.1.2)
    concurrent-ruby (1.1.10)
    i18n (1.12.0)
      concurrent-ruby (~> 1.0)
    little-plugger (1.1.4)
    logging (2.2.2)
      little-plugger (~> 1.1)
      multi_json (~> 1.10)
    method_source (0.9.2)
    minitest (5.17.0)
    multi_json (1.13.1)
    pg (1.1.3)
    pry (0.12.2)
      coderay (~> 1.1.0)
      method_source (~> 0.9.0)
    pry-byebug (3.6.0)
      byebug (~> 10.0)
      pry (~> 0.10)
    slop (4.6.2)
    tzinfo (2.0.5)
      concurrent-ruby (~> 1.0)
    zeitwerk (1.0.0.beta2)

PLATFORMS
  ruby

DEPENDENCIES
  activesupport
  attr_extras
  logging
  pg
  pry-byebug
  slop
  zeitwerk

BUNDLED WITH
   1.17.3
